GIT
  remote: git://github.com/killpack/lita-static-meme.git
  revision: d6af3c6ac1399085bc3b3f04e9aa077f8dd300c6
  specs:
    lita-static-meme (1.0.0)
      lita

PATH
  remote: lita-ping
  specs:
    lita-ping (0.0.1)
      lita (>= 4.0)

PATH
  remote: lita-repeater
  specs:
    lita-repeater (0.0.1)
      lita (>= 4.0)

GEM
  remote: https://rubygems.org/
  specs:
    cinch (2.1.0)
    faraday (0.9.0)
      multipart-post (>= 1.2, < 3)
    http_router (0.11.1)
      rack (>= 1.0.0)
      url_mount (~> 0.2.1)
    i18n (0.6.11)
    ice_nine (0.11.1)
    lita (4.0.4)
      bundler (>= 1.3)
      faraday (>= 0.8.7)
      http_router (>= 0.11.1)
      i18n (>= 0.6.9)
      ice_nine (>= 0.11.0)
      multi_json (>= 1.7.7)
      puma (>= 2.7.1)
      rack (>= 1.5.2)
      rb-readline (>= 0.5.1)
      redis-namespace (>= 1.3.0)
      thor (>= 0.18.1)
    lita-google-images (2.0.0)
      lita (>= 4.0)
    lita-irc (2.0.0)
      cinch (>= 2.0)
      lita (>= 4.0)
    lita-karma (3.0.0)
      lita (>= 4.0)
    lita-memegen (1.0.4)
      lita (>= 2.0)
    lita-shipit (0.0.1)
      lita (>= 4.0)
    lita-weather (0.0.4)
      lita (>= 2.3)
    multi_json (1.10.1)
    multipart-post (2.0.0)
    puma (2.10.2)
      rack (>= 1.1, < 2.0)
    rack (1.5.2)
    rb-readline (0.5.1)
    redis (3.2.0)
    redis-namespace (1.5.1)
      redis (~> 3.0, >= 3.0.4)
    thor (0.19.1)
    url_mount (0.2.1)
      rack

PLATFORMS
  ruby

DEPENDENCIES
  cinch
  lita
  lita-google-images
  lita-irc
  lita-karma
  lita-memegen
  lita-ping!
  lita-repeater!
  lita-shipit
  lita-static-meme!
  lita-weather
